PATH
  remote: .
  specs:
    gchart (1.0.0.20110308073316)

GEM
  remote: http://rubygems.org/
  specs:
    diff-lcs (1.1.2)
    hoe (2.9.1)
      rake (>= 0.8.7)
    hoe-doofus (1.0.0)
    hoe-gemspec (1.0.0)
      hoe (>= 2.2.0)
    hoe-git (1.3.0)
      hoe (>= 2.2.0)
    rake (0.8.7)
    rspec (2.5.0)
      rspec-core (~> 2.5.0)
      rspec-expectations (~> 2.5.0)
      rspec-mocks (~> 2.5.0)
    rspec-core (2.5.1)
    rspec-expectations (2.5.0)
      diff-lcs (~> 1.1.2)
    rspec-mocks (2.5.0)
    watchr (0.7)

PLATFORMS
  ruby

DEPENDENCIES
  gchart!
  hoe (>= 2.9.1)
  hoe-doofus
  hoe-gemspec
  hoe-git
  rspec
  watchr
